GEM
  remote: https://rubygems.org/
  specs:
    json (1.8.1)
    kgio (2.11.2)
    rack (2.0.5)
    raindrops (0.19.0)
    unicorn (5.4.0)
      kgio (~> 2.6)
      raindrops (~> 0.7)

PLATFORMS
  ruby

DEPENDENCIES
  json
  rack (>= 1.6.2)
  unicorn (>= 4.8.3)

BUNDLED WITH
   1.16.1
