GEM
  remote: https://rubygems.org/
  specs:
    json (2.3.0)
    kgio (2.11.2)
    rack (2.0.5)
    raindrops (0.19.0)
    unicorn (5.4.1)
      kgio (~> 2.6)
      raindrops (~> 0.7)

PLATFORMS
  ruby

DEPENDENCIES
  json (>= 2.3.0)
  rack
  unicorn

BUNDLED WITH
   1.17.3
