GEM
  remote: https://rubygems.org/
  specs:
    json (2.1.0)
    kgio (2.11.2)
    rack (3.0.4.2)
    raindrops (0.19.0)
    unicorn (5.4.1)
      kgio (~> 2.6)
      raindrops (~> 0.7)

PLATFORMS
  ruby

DEPENDENCIES
  json
  rack (>= 2.0.9.3)
  unicorn

BUNDLED WITH
   1.17.3
